GEM
  remote: http://rubygems.org/
  specs:
    bluecloth (2.2.0)
    coffee-script (2.2.0)
      coffee-script-source
      execjs
    coffee-script-source (1.6.3)
    dotenv (0.9.0)
    execjs (2.0.2)
    foreman (0.63.0)
      dotenv (>= 0.7)
      thor (>= 0.13.6)
    haml (4.0.4)
      tilt
    liquid (2.6.0)
    mango (0.8.0)
      bluecloth (~> 2.2, >= 2.2.0)
      bundler (~> 1.3, >= 1.3.5)
      coffee-script (~> 2.2, >= 2.2.0)
      foreman (~> 0.63, >= 0.63.0)
      haml (~> 4.0, >= 4.0.4)
      liquid (~> 2.6, >= 2.6.0)
      puma (~> 2.7, >= 2.7.1)
      sass (~> 3.2, >= 3.2.13)
      sinatra (~> 1.4, >= 1.4.4)
      thor (~> 0.18, >= 0.18.1)
    newrelic_rpm (3.6.9.171)
    puma (2.7.1)
      rack (>= 1.1, < 2.0)
    rack (1.5.2)
    rack-protection (1.5.1)
      rack
    sass (3.2.13)
    sinatra (1.4.4)
      rack (~> 1.4)
      rack-protection (~> 1.4)
      tilt (~> 1.3, >= 1.3.4)
    thor (0.18.1)
    tilt (1.4.1)

PLATFORMS
  ruby

DEPENDENCIES
  mango (~> 0.8.0)
  newrelic_rpm
